GEM
  remote: http://rubygems.org/
  specs:
    actionmailer (2.3.15)
      actionpack (= 2.3.15)
    actionpack (2.3.15)
      activesupport (= 2.3.15)
      rack (~> 1.1.3)
    activerecord (2.3.15)
      activesupport (= 2.3.15)
    activeresource (2.3.15)
      activesupport (= 2.3.15)
    activesupport (2.3.15)
    after_commit (1.0.11)
      activerecord (>= 1.15.6, < 3.0.0)
    archive-tar-minitar (0.5.2)
    columnize (0.3.6)
    diff-lcs (1.1.3)
    hoe (3.4.1)
      rake (>= 0.8, < 11.0)
    linecache19 (0.5.12)
      ruby_core_source (>= 0.1.4)
    mysql2 (0.2.18)
    rack (1.1.5)
    rails (2.3.15)
      actionmailer (= 2.3.15)
      actionpack (= 2.3.15)
      activerecord (= 2.3.15)
      activeresource (= 2.3.15)
      activesupport (= 2.3.15)
      rake (>= 0.8.3)
    rake (0.8.7)
    riddle (1.5.4)
    rspec (2.1.0)
      rspec-core (~> 2.1.0)
      rspec-expectations (~> 2.1.0)
      rspec-mocks (~> 2.1.0)
    rspec-core (2.1.0)
    rspec-expectations (2.1.0)
      diff-lcs (~> 1.1.2)
    rspec-mocks (2.1.0)
    rspec-rails (2.1.0)
      rspec (~> 2.1.0)
    ruby-debug-base19 (0.11.25)
      columnize (>= 0.3.1)
      linecache19 (>= 0.5.11)
      ruby_core_source (>= 0.1.4)
    ruby-debug19 (0.11.6)
      columnize (>= 0.3.1)
      linecache19 (>= 0.5.11)
      ruby-debug-base19 (>= 0.11.19)
    ruby_core_source (0.1.5)
      archive-tar-minitar (>= 0.5.2)
    test-unit (1.2.3)
      hoe (>= 1.5.1)
    thinking-sphinx (1.4.11)
      activerecord (>= 1.15.6, < 3.0.0)
      after_commit (>= 1.0.7)
      riddle (>= 1.5.0)
    ts-datetime-delta (1.0.3)
      thinking-sphinx (>= 1.3.8)

PLATFORMS
  ruby

DEPENDENCIES
  mysql2 (< 0.3)
  rails (~> 2.3.14)
  rake (~> 0.8.3)
  rspec
  rspec-rails
  ruby-debug19
  test-unit (= 1.2.3)
  thinking-sphinx (= 1.4.11)
  ts-datetime-delta
